GEM
  remote: https://rubygems.org/
  specs:
    builder (3.2.3)
    diff-lcs (1.5.0)
    domain_name (0.5.20190701)
      unf (>= 0.0.5, < 1.0.0)
    haml (6.0.7)
      temple (>= 0.8.2)
      thor
      tilt
    http-cookie (1.0.3)
      domain_name (~> 0.5)
    kgio (2.11.2)
    mime-types (3.2.2)
      mime-types-data (~> 3.2015)
    mime-types-data (3.2019.0331)
    mini_portile2 (2.8.0)
    multi_json (1.13.1)
    mustermann (1.1.2)
      ruby2_keywords (~> 0.0.1)
    netrc (0.11.0)
    nokogiri (1.13.9)
      mini_portile2 (~> 2.8.0)
      racc (~> 1.4)
    racc (1.6.0)
    rack (2.2.6.2)
    rack-protection (2.2.0)
      rack
    raindrops (0.20.0)
    rake (12.3.3)
    rest-client (2.0.2)
      http-cookie (>= 1.0.2, < 2.0)
      mime-types (>= 1.16, < 4.0)
      netrc (~> 0.8)
    rspec (3.8.0)
      rspec-core (~> 3.8.0)
      rspec-expectations (~> 3.8.0)
      rspec-mocks (~> 3.8.0)
    rspec-core (3.8.2)
      rspec-support (~> 3.8.0)
    rspec-expectations (3.8.6)
      diff-lcs (>= 1.2.0, < 2.0)
      rspec-support (~> 3.8.0)
    rspec-its (1.3.0)
      rspec-core (>= 3.0.0)
      rspec-expectations (>= 3.0.0)
    rspec-mocks (3.8.1)
      diff-lcs (>= 1.2.0, < 2.0)
      rspec-support (~> 3.8.0)
    rspec-support (3.8.2)
    ruby2_keywords (0.0.5)
    sham_rack (1.4.1)
      rack
    sinatra (2.2.0)
      mustermann (~> 1.0)
      rack (~> 2.2)
      rack-protection (= 2.2.0)
      tilt (~> 2.0)
    temple (0.8.2)
    thor (1.2.1)
    tilt (2.0.11)
    unf (0.1.4)
      unf_ext
    unf_ext (0.0.7.6)
    unicorn (6.1.0)
      kgio (~> 2.6)
      raindrops (~> 0.7)
    values (1.5.0)

PLATFORMS
  ruby

DEPENDENCIES
  builder
  haml
  multi_json
  nokogiri
  rack
  rake
  rest-client
  rspec
  rspec-its
  sham_rack
  sinatra
  unicorn
  values (~> 1.5.0)

BUNDLED WITH
   2.0.2
